GEM
  remote: https://rubygems.org/
  specs:
    backports (3.23.0)
    byebug (11.1.3)
    coderay (1.1.3)
    erubis (2.7.0)
    method_source (1.0.0)
    multi_json (1.15.0)
    pg (1.4.5)
    pry (0.14.2)
      coderay (~> 1.1)
      method_source (~> 1.0)
    pry-byebug (3.10.1)
      byebug (~> 11.0)
      pry (>= 0.13, < 0.15)
    rack (1.6.13)
    rack-protection (1.5.5)
      rack
    rack-test (2.0.2)
      rack (>= 1.3)
    securerandom (0.2.2)
    sinatra (1.4.8)
      rack (~> 1.5)
      rack-protection (~> 1.4)
      tilt (>= 1.3, < 3)
    sinatra-contrib (1.4.7)
      backports (>= 2.0)
      multi_json
      rack-protection
      rack-test
      sinatra (~> 1.4.0)
      tilt (>= 1.3, < 3)
    stamp (0.6.0)
    tilt (2.0.11)
    webrick (1.7.0)

PLATFORMS
  arm64-darwin-22

DEPENDENCIES
  erubis
  pg
  pry-byebug
  securerandom
  sinatra (~> 1.4.7)
  sinatra-contrib
  stamp
  webrick

BUNDLED WITH
   2.3.26
